PATH
  remote: .
  specs:
    bsmart-utilities (0.1.0)
      comma (~> 3.0.3)
      methadone (~> 1.0.0)
      roxml (~> 3.3.1)

GEM
  remote: http://rubygems.org/
  specs:
    activesupport (3.2.3)
      i18n (~> 0.6)
      multi_json (~> 1.0)
    aruba (0.4.11)
      childprocess (>= 0.2.3)
      cucumber (>= 1.1.1)
      ffi (>= 1.0.11)
      rspec (>= 2.7.0)
    builder (3.0.0)
    childprocess (0.3.1)
      ffi (~> 1.0.6)
    comma (3.0.3)
    cucumber (1.1.9)
      builder (>= 2.1.2)
      diff-lcs (>= 1.1.2)
      gherkin (~> 2.9.0)
      json (>= 1.4.6)
      term-ansicolor (>= 1.0.6)
    diff-lcs (1.1.3)
    ffi (1.0.11)
    ffi (1.0.11-java)
    gherkin (2.9.3)
      json (>= 1.4.6)
    gherkin (2.9.3-java)
      json (>= 1.4.6)
    guard (1.0.1)
      ffi (>= 0.5.0)
      thor (~> 0.14.6)
    guard-cucumber (0.7.5)
      cucumber (>= 0.10)
      guard (>= 0.8.3)
    guard-rspec (0.6.0)
      guard (>= 0.10.0)
    i18n (0.6.0)
    json (1.6.6)
    json (1.6.6-java)
    methadone (1.0.0)
      bundler
    multi_json (1.3.2)
    nokogiri (1.5.2)
    nokogiri (1.5.2-java)
    roxml (3.3.1)
      activesupport (>= 2.3.0)
      nokogiri (>= 1.3.3)
    rspec (2.8.0)
      rspec-core (~> 2.8.0)
      rspec-expectations (~> 2.8.0)
      rspec-mocks (~> 2.8.0)
    rspec-core (2.8.0)
    rspec-expectations (2.8.0)
      diff-lcs (~> 1.1.2)
    rspec-mocks (2.8.0)
    ruby_gntp (0.3.4)
    simplecov (0.6.2)
      multi_json (~> 1.3)
      simplecov-html (~> 0.5.3)
    simplecov-html (0.5.3)
    term-ansicolor (1.0.7)
    thor (0.14.6)

PLATFORMS
  java
  ruby

DEPENDENCIES
  aruba (~> 0.4.11)
  bsmart-utilities!
  cucumber (~> 1.1.9)
  guard-cucumber (~> 0.7.5)
  guard-rspec (~> 0.6.0)
  rspec (~> 2.8.0)
  ruby_gntp (~> 0.3.4)
  simplecov (~> 0.6.2)
